PATH
  remote: .
  specs:
    cloudshaper (0.0.4)
      rake (~> 10.4)

GEM
  remote: https://rubygems.org/
  specs:
    docile (1.1.5)
    json (1.8.2)
    minitest (5.6.1)
    rake (10.4.2)
    simplecov (0.10.0)
      docile (~> 1.1.0)
      json (~> 1.8)
      simplecov-html (~> 0.10.0)
    simplecov-html (0.10.0)

PLATFORMS
  ruby

DEPENDENCIES
  bundler
  cloudshaper!
  minitest (~> 5.6)
  simplecov (= 0.10.0)
